GIT
  remote: https://github.com/riboseinc/html2doc
  revision: 046aa33e084b70bda3c96af8b82017f5c839b7ce
  specs:
    html2doc (0.8.9)
      asciimath (~> 1.0.7)
      htmlentities (~> 4.3.4)
      image_size
      mime-types
      nokogiri
      ruby-xslt
      thread_safe
      uuidtools

GIT
  remote: https://github.com/riboseinc/isodoc
  revision: de6b7b7eb1c89668cd14e1155f1a3806a2792b4a
  specs:
    isodoc (0.9.16)
      asciimath
      html2doc (~> 0.8.6)
      htmlentities (~> 4.3.4)
      liquid
      metanorma (~> 0.3.0)
      nokogiri (>= 1)
      rake (~> 12.0)
      roman-numerals
      ruby-xslt
      sassc (~> 1.12.1)
      thread_safe
      uuidtools

GIT
  remote: https://github.com/riboseinc/metanorma
  revision: 27a8b26b1aa2030f85d09ad446d08477e8de0272
  specs:
    metanorma (0.3.8)
      asciidoctor

GIT
  remote: https://github.com/riboseinc/metanorma-cli
  revision: b59dcce7fcf4cefa700621021b0a166f11cbb103
  specs:
    metanorma-cli (1.1.4)
      isodoc (~> 0.9.0)
      metanorma (~> 0.3.5)
      metanorma-acme (~> 1.1.0)
      metanorma-csand (~> 1.1.0)
      metanorma-csd (~> 1.1.0)
      metanorma-gb (~> 1.1.0)
      metanorma-ietf (~> 1.0.1)
      metanorma-iso (~> 1.1.0)
      metanorma-m3d (~> 1.1.0)
      metanorma-mpfd (~> 0.1.0)
      metanorma-nist (~> 0.0.1)
      metanorma-ogc (~> 0.0.1)
      metanorma-rsd (~> 1.1.0)
      metanorma-standoc (~> 1.1.0)
      metanorma-unece (~> 0.0.1)
      nokogiri (>= 1)

GIT
  remote: https://github.com/riboseinc/metanorma-itu
  revision: 596dfa60c7957892a12b4591ee60710365df0091
  specs:
    metanorma-itu (0.0.1)
      asciidoctor (~> 1.5.7)
      htmlentities (~> 4.3.4)
      isodoc (~> 0.9.0)
      metanorma-standoc (~> 1.1.0)
      ruby-jing

GIT
  remote: https://github.com/riboseinc/metanorma-standoc
  revision: 350a25c8a6c9e54aae3c050822e82eaddb64ffa6
  specs:
    metanorma-standoc (1.1.2)
      asciidoctor (~> 1.5.7)
      concurrent-ruby
      html2doc (~> 0.8.0)
      iev (~> 0.2.0)
      isodoc (~> 0.9.0)
      relaton (~> 0.3.1)
      ruby-jing
      sterile (~> 1.0.14)

GIT
  remote: https://github.com/riboseinc/relaton-cli
  revision: 14117d3e8f2538860c236941c0a52d6b5c95a6a3
  specs:
    relaton-cli (0.1.7)
      liquid
      relaton (~> 0.3)
      thor

GEM
  remote: https://rubygems.org/
  specs:
    addressable (2.6.0)
      public_suffix (>= 2.0.2, < 4.0)
    algoliasearch (1.25.2)
      httpclient (~> 2.8, >= 2.8.3)
      json (>= 1.5.1)
    asciidoctor (1.5.8)
    asciimath (1.0.8)
    byebug (10.0.2)
    camertron-eprun (1.1.1)
    cldr-plurals-runtime-rb (1.0.1)
    cnccs (0.1.3)
    concurrent-ruby (1.1.4)
    ffi (1.9.25)
    gb-agencies (0.0.5)
    gbbib (0.4.3)
      cnccs (~> 0.1.1)
      gb-agencies (~> 0.0.1)
      iso-bib-item (~> 0.4.2)
    htmlentities (4.3.4)
    httpclient (2.8.3)
    iecbib (0.2.2)
      addressable
      iso-bib-item (~> 0.4.2)
    ietfbib (0.4.5)
      iso-bib-item (~> 0.4.2)
    iev (0.2.0)
      nokogiri
    image_size (2.0.0)
    iso-639 (0.2.8)
    iso-bib-item (0.4.4)
      isoics (~> 0.1.6)
      nokogiri (~> 1.8.4)
      ruby_deep_clone (~> 0.8.0)
    isobib (0.4.3)
      algoliasearch
      iecbib (~> 0.2.1)
      iso-bib-item (~> 0.4.2)
    isoics (0.1.7)
    json (2.1.0)
    liquid (4.0.1)
    metanorma-acme (1.1.1)
      asciidoctor (~> 1.5.7)
      htmlentities (~> 4.3.4)
      isodoc (~> 0.9.0)
      metanorma-standoc (~> 1.1.0)
      ruby-jing
    metanorma-csand (1.1.1)
      asciidoctor (~> 1.5.7)
      asciimath
      htmlentities (~> 4.3.4)
      image_size
      isodoc (~> 0.9.0)
      metanorma-standoc (~> 1.1.0)
      mime-types
      nokogiri
      ruby-jing
      ruby-xslt
      thread_safe
      uuidtools
    metanorma-csd (1.1.1)
      isodoc (~> 0.9.6)
      metanorma-standoc (~> 1.1.0)
    metanorma-gb (1.1.1)
      gb-agencies (~> 0.0.4)
      isodoc (~> 0.9.1)
      metanorma-iso (~> 1.1.0)
      twitter_cldr
    metanorma-ietf (1.0.1)
      isodoc (~> 0.9.6)
      metanorma-standoc (~> 1.1.0)
    metanorma-iso (1.1.1)
      asciidoctor (~> 1.5.7)
      iev (~> 0.2.0)
      isodoc (~> 0.9.8)
      metanorma-standoc (~> 1.1.0)
      ruby-jing
    metanorma-m3d (1.1.1)
      asciidoctor (~> 1.5.7)
      asciimath
      htmlentities (~> 4.3.4)
      image_size
      isodoc (~> 0.9.0)
      metanorma-standoc (~> 1.1.0)
      mime-types
      nokogiri
      ruby-jing
      ruby-xslt
      thread_safe
      uuidtools
    metanorma-mpfd (0.1.7)
      asciidoctor (~> 1.5.7)
      htmlentities (~> 4.3.4)
      isodoc (~> 0.9.0)
      metanorma-standoc (~> 1.1.0)
      nokogiri
      twitter_cldr
    metanorma-nist (0.0.3)
      asciidoctor (~> 1.5.7)
      htmlentities (~> 4.3.4)
      isodoc (~> 0.9.0)
      metanorma-standoc (~> 1.1.0)
      ruby-jing
    metanorma-ogc (0.0.5)
      asciidoctor (~> 1.5.7)
      htmlentities (~> 4.3.4)
      iso-639
      isodoc (~> 0.9.0)
      metanorma-standoc (~> 1.1.0)
      ruby-jing
    metanorma-rsd (1.1.1)
      asciidoctor (~> 1.5.7)
      htmlentities (~> 4.3.4)
      isodoc (~> 0.9.0)
      metanorma-standoc (~> 1.1.0)
      nokogiri
    metanorma-unece (0.0.10)
      asciidoctor (~> 1.5.7)
      htmlentities (~> 4.3.4)
      iso-639
      isodoc (~> 0.9.0)
      metanorma-standoc (~> 1.1.0)
      roman-numerals
      ruby-jing
      twitter_cldr
    mime-types (3.2.2)
      mime-types-data (~> 3.2015)
    mime-types-data (3.2018.0812)
    mini_portile2 (2.3.0)
    nokogiri (1.8.5)
      mini_portile2 (~> 2.3.0)
    optout (0.0.2)
    public_suffix (3.0.3)
    rake (12.3.2)
    rb-fsevent (0.10.3)
    rb-inotify (0.10.0)
      ffi (~> 1.0)
    relaton (0.3.1)
      algoliasearch
      gbbib (~> 0.4.0)
      iecbib (~> 0.2.0)
      ietfbib (~> 0.4.2)
      iso-bib-item (~> 0.4.2)
      isobib (~> 0.4.0)
    roman-numerals (0.3.0)
    ruby-jing (0.0.1)
      optout (>= 0.0.2)
    ruby-xslt (0.9.10)
    ruby_deep_clone (0.8.0)
    sass (3.7.3)
      sass-listen (~> 4.0.0)
    sass-listen (4.0.0)
      rb-fsevent (~> 0.9, >= 0.9.4)
      rb-inotify (~> 0.9, >= 0.9.7)
    sassc (1.12.1)
      ffi (~> 1.9.6)
      sass (>= 3.3.0)
    sterile (1.0.14)
      nokogiri
    thor (0.20.3)
    thread_safe (0.3.6)
    twitter_cldr (4.4.3)
      camertron-eprun
      cldr-plurals-runtime-rb (~> 1.0)
      tzinfo
    tzinfo (2.0.0)
      concurrent-ruby (~> 1.0)
    uuidtools (2.1.5)

PLATFORMS
  ruby

DEPENDENCIES
  byebug
  html2doc!
  isodoc!
  metanorma!
  metanorma-cli!
  metanorma-itu!
  metanorma-standoc!
  relaton-cli!

BUNDLED WITH
   1.17.3
